PATH
  remote: .
  specs:
    tallakt-plcutil (0.2.2)
      dbf (>= 1.6.6)

GEM
  remote: http://rubygems.org/
  specs:
    dbf (1.6.6)
      fastercsv (~> 1.5.4)
    fastercsv (1.5.4)

PLATFORMS
  ruby

DEPENDENCIES
  tallakt-plcutil!
